GEM
  remote: http://rubygems.org/
  specs:
    addressable (2.7.0)
      public_suffix (>= 2.0.2, < 5.0)
    builder (3.2.4)
    coderay (1.1.3)
    descendants_tracker (0.0.4)
      thread_safe (~> 0.3, >= 0.3.1)
    diff-lcs (1.4.4)
    faraday (0.9.2)
      multipart-post (>= 1.2, < 3)
    ffi (1.15.0-java)
    git (1.8.1)
      rchardet (~> 1.8)
    github_api (0.11.3)
      addressable (~> 2.3)
      descendants_tracker (~> 0.0.1)
      faraday (~> 0.8, < 0.10)
      hashie (>= 1.2)
      multi_json (>= 1.7.5, < 2.0)
      nokogiri (~> 1.6.0)
      oauth2
    hashie (4.1.0)
    highline (2.0.3)
    jar-dependencies (0.4.1)
    jeweler (2.3.5)
      builder
      bundler (>= 1.0)
      git (>= 1.2.5)
      github_api (~> 0.11.0)
      highline (>= 1.6.15)
      nokogiri (>= 1.5.10)
      psych (~> 2.2)
      rake
      rdoc
      semver2
    jwt (2.2.3)
    launchy (2.5.0)
      addressable (~> 2.7)
    method_source (1.0.0)
    mini_portile2 (2.1.0)
    multi_json (1.15.0)
    multi_xml (0.6.0)
    multipart-post (2.1.1)
    nokogiri (1.6.8.1)
      mini_portile2 (~> 2.1.0)
    nokogiri (1.6.8.1-java)
    oauth2 (1.4.7)
      faraday (>= 0.8, < 2.0)
      jwt (>= 1.0, < 3.0)
      multi_json (~> 1.3)
      multi_xml (~> 0.5)
      rack (>= 1.2, < 3)
    pry (0.14.1)
      coderay (~> 1.1)
      method_source (~> 1.0)
    pry (0.14.1-java)
      coderay (~> 1.1)
      method_source (~> 1.0)
      spoon (~> 0.0)
    psych (2.2.4)
    psych (2.2.4-java)
      jar-dependencies (>= 0.1.7)
    public_suffix (4.0.6)
    rack (2.2.3)
    rake (13.0.3)
    rchardet (1.8.0)
    rdoc (6.3.0)
    rspec (3.10.0)
      rspec-core (~> 3.10.0)
      rspec-expectations (~> 3.10.0)
      rspec-mocks (~> 3.10.0)
    rspec-core (3.10.1)
      rspec-support (~> 3.10.0)
    rspec-expectations (3.10.1)
      diff-lcs (>= 1.2.0, < 2.0)
      rspec-support (~> 3.10.0)
    rspec-mocks (3.10.2)
      diff-lcs (>= 1.2.0, < 2.0)
      rspec-support (~> 3.10.0)
    rspec-support (3.10.2)
    semver2 (3.4.2)
    spoon (0.0.6)
      ffi
    thread_safe (0.3.6)
    thread_safe (0.3.6-java)

PLATFORMS
  java
  ruby

DEPENDENCIES
  bundler (= 2.2.3)
  git (= 1.8.1)
  jeweler (= 2.3.5)
  launchy (= 2.5.0)
  pry (= 0.14.1)
  rspec (= 3.10.0)

BUNDLED WITH
   2.2.3
